GEM
  remote: http://rubygems.org/
  specs:
    ArgsParser (1.0.0)
    addressable (2.2.6)
    daemons (1.1.4)
    em-websocket (0.3.1)
      addressable (>= 2.1.1)
      eventmachine (>= 0.12.9)
    eventmachine (0.12.10)
    rack (1.3.2)
    serialport (1.0.4)
    sinatra (1.2.6)
      rack (~> 1.1)
      tilt (>= 1.2.2, < 2.0)
    tilt (1.3.3)

PLATFORMS
  ruby

DEPENDENCIES
  ArgsParser
  daemons
  em-websocket
  eventmachine
  serialport
  sinatra
